GIT
  remote: https://github.com/hanami/controller.git
  revision: efc901984e525a32ad9ed2a0f1c4f3212a30129f
  branch: enhancement/view-context-exposures
  specs:
    hanami-controller (2.0.0.alpha1)
      hanami-utils (~> 2.0.alpha)
      rack (~> 2.0)

GIT
  remote: https://github.com/hanami/hanami.git
  revision: 2b4cecf703195fb6deb004bed425c627163ce749
  branch: unstable
  specs:
    hanami (2.0.0.alpha1)
      bundler (>= 1.16, < 3)
      dry-core (~> 0.4)
      dry-inflector (~> 0.1, >= 0.1.2)
      dry-monitor
      dry-system (~> 0.10)
      hanami-cli (~> 1.0.alpha)
      hanami-controller (~> 2.0.alpha)
      hanami-router (~> 2.0.alpha)
      hanami-utils (~> 2.0.alpha)
      hanami-view (~> 2.0.alpha)

GIT
  remote: https://github.com/hanami/router.git
  revision: 10eac67bdb237c2fba1f021e31ea94e7fa7a0fae
  branch: unstable
  specs:
    hanami-router (2.0.0.alpha3)
      mustermann (~> 1.0)
      mustermann-contrib (~> 1.0)
      rack (~> 2.0)

GIT
  remote: https://github.com/hanami/utils.git
  revision: 9de4ddcce3773066167912ce0b0cf4217d8017ed
  branch: unstable
  specs:
    hanami-utils (2.0.0.alpha1)
      concurrent-ruby (~> 1.0)
      transproc (~> 1.0)

GIT
  remote: https://github.com/hanami/view.git
  revision: 622c0dd3e79e068353383cbf030d6b86af104577
  branch: master
  specs:
    hanami-view (2.0.0.alpha1)
      concurrent-ruby (~> 1.0)
      dry-configurable (~> 0.1)
      dry-core (~> 0.2)
      dry-equalizer (~> 0.2)
      dry-inflector (~> 0.1)
      tilt (~> 2.0, >= 2.0.6)

GEM
  remote: https://rubygems.org/
  specs:
    byebug (11.1.3)
    concurrent-ruby (1.1.6)
    dry-auto_inject (0.7.0)
      dry-container (>= 0.3.4)
    dry-configurable (0.11.6)
      concurrent-ruby (~> 1.0)
      dry-core (~> 0.4, >= 0.4.7)
      dry-equalizer (~> 0.2)
    dry-container (0.7.2)
      concurrent-ruby (~> 1.0)
      dry-configurable (~> 0.1, >= 0.1.3)
    dry-core (0.4.9)
      concurrent-ruby (~> 1.0)
    dry-equalizer (0.3.0)
    dry-events (0.2.0)
      concurrent-ruby (~> 1.0)
      dry-core (~> 0.4)
      dry-equalizer (~> 0.2)
    dry-inflector (0.2.0)
    dry-initializer (3.0.3)
    dry-logic (1.0.6)
      concurrent-ruby (~> 1.0)
      dry-core (~> 0.2)
      dry-equalizer (~> 0.2)
    dry-monitor (0.3.2)
      dry-configurable (~> 0.5)
      dry-core (~> 0.4)
      dry-equalizer (~> 0.2)
      dry-events (~> 0.2)
    dry-struct (1.3.0)
      dry-core (~> 0.4, >= 0.4.4)
      dry-equalizer (~> 0.3)
      dry-types (~> 1.3)
      ice_nine (~> 0.11)
    dry-system (0.17.0)
      concurrent-ruby (~> 1.0)
      dry-auto_inject (>= 0.4.0)
      dry-configurable (~> 0.11, >= 0.11.1)
      dry-container (~> 0.7, >= 0.7.2)
      dry-core (~> 0.3, >= 0.3.1)
      dry-equalizer (~> 0.2)
      dry-inflector (~> 0.1, >= 0.1.2)
      dry-struct (~> 1.0)
    dry-types (1.4.0)
      concurrent-ruby (~> 1.0)
      dry-container (~> 0.3)
      dry-core (~> 0.4, >= 0.4.4)
      dry-equalizer (~> 0.3)
      dry-inflector (~> 0.1, >= 0.1.2)
      dry-logic (~> 1.0, >= 1.0.2)
    erbse (0.1.4)
      temple
    hanami-cli (1.0.0.alpha1)
      concurrent-ruby (~> 1.0)
      hanami-utils (~> 2.0.alpha)
    hansi (0.2.0)
    ice_nine (0.11.2)
    mustermann (1.1.1)
      ruby2_keywords (~> 0.0.1)
    mustermann-contrib (1.1.1)
      hansi (~> 0.2.0)
      mustermann (= 1.1.1)
    nio4r (2.5.7)
    pg (1.2.3)
    puma (4.3.8)
      nio4r (~> 2.0)
    rack (2.2.3)
    rake (13.0.1)
    rom (5.2.4)
      rom-changeset (~> 5.2, >= 5.2.3)
      rom-core (~> 5.2, >= 5.2.3)
      rom-repository (~> 5.2, >= 5.2.2)
    rom-changeset (5.2.3)
      dry-core (~> 0.4)
      rom-core (~> 5.2)
      transproc (~> 1.0, >= 1.1.0)
    rom-core (5.2.3)
      concurrent-ruby (~> 1.1)
      dry-container (~> 0.7)
      dry-core (~> 0.4)
      dry-equalizer (~> 0.2)
      dry-inflector (~> 0.1)
      dry-initializer (~> 3.0, >= 3.0.1)
      dry-struct (~> 1.0)
      dry-types (~> 1.0)
      transproc (~> 1.0, >= 1.1.0)
    rom-repository (5.2.2)
      dry-core (~> 0.4)
      dry-initializer (~> 3.0, >= 3.0.1)
      rom-core (~> 5.2, >= 5.2.2)
    rom-sql (3.2.0)
      dry-core (~> 0.4)
      dry-equalizer (~> 0.2)
      dry-types (~> 1.0)
      rom-core (~> 5.2, >= 5.2.1)
      sequel (>= 4.49)
    ruby2_keywords (0.0.2)
    sequel (5.34.0)
    temple (0.8.2)
    tilt (2.0.10)
    transproc (1.1.1)

PLATFORMS
  ruby

DEPENDENCIES
  byebug
  erbse
  hanami!
  hanami-controller!
  hanami-router!
  hanami-utils!
  hanami-view!
  pg
  puma
  rake
  rom
  rom-sql

BUNDLED WITH
   2.1.4
